GIT
  remote: git://github.com/giustin/i18n_alchemy.git
  revision: 0f21f7939366d18f4689bcc7bfebac7066682315
  branch: master
  specs:
    i18n_alchemy (0.2.1)
      activesupport (>= 3.2.0, < 5.0.0)
      i18n (~> 0.6)

GIT
  remote: git://github.com/portabilis/mina-sidekiq.git
  revision: 4f550031e5781fe1efecb6d6c8bc79a96e307ae7
  branch: mc-improve-tasks
  specs:
    mina-sidekiq (1.0.3)
      mina (>= 1.0.2)

GIT
  remote: git://github.com/portabilis/prawn.git
  revision: a7a99b9d95418c48c9defdb32409f3fcfe59daaa
  branch: master
  specs:
    prawn (2.1.1)
      pdf-core (~> 0.6.1)
      ttfunk (~> 1.4.0)

GIT
  remote: git://github.com/samuelsimoes/backbone-nested-attributes.git
  revision: 77799673a842de59690970517a970665b7760cc6
  specs:
    backbone-nested-attributes (0.3.0)
      rails (>= 3.2.8)

GIT
  remote: git://github.com/untitledkingdom/mina-puma.git
  revision: 581a2048d82998328a5c9581a45883e0f3b28d06
  specs:
    mina-puma (1.1.0)
      mina (~> 1.2.0)
      puma (>= 2.13)

GIT
  remote: https://github.com/enriclluelles/route_translator.git
  revision: 1c71391ba17f3616b58cd042e94c3bb9347fecfc
  specs:
    route_translator (4.1.0)
      actionpack (>= 3.2, < 5.0)
      activesupport (>= 3.2, < 5.0)

GIT
  remote: https://github.com/matiasleidemer/decore
  revision: ff017a022a623302d7ea823fc4af2b6bec461c7b
  specs:
    decore (0.1.0)
      activesupport (>= 3.2.0)

GIT
  remote: https://github.com/portabilis/audited.git
  revision: aeca407e44b52083c41172fe2db11fd3b99ca4eb
  specs:
    audited (4.0.0.rc1)
      rails-observers (~> 0.1.2)
    audited-activerecord (4.0.0.rc1)
      activerecord (~> 4.0)
      audited (= 4.0.0.rc1)

GIT
  remote: https://github.com/portabilis/zenvia-ruby
  revision: 3ddce8e147d02a7deafd56adaedd7f35184ce0a7
  specs:
    zenvia-ruby (0.1.7)

GIT
  remote: https://github.com/ricardohsd/activerecord-connections.git
  revision: b2a704ff10c447f37635eaa0a447ffb4747b1694
  specs:
    activerecord-connections (0.0.3)
      activerecord (>= 4.1.0)
      activesupport (>= 4.1.0)

PATH
  remote: ../novo_educacao_plus
  specs:
    novo_educacao_plus (0.0.1)
      decorators (~> 2.0.3)
      ejs (~> 1.1, >= 1.1.1)
      enumerate_it
      handlebars_assets (~> 0.23.0)
      rails (~> 4.2.3)
      rspec-rails (~> 3.4)

GEM
  remote: https://rubygems.org/
  specs:
    Ascii85 (1.0.2)
    CFPropertyList (2.3.2)
    actionmailer (4.2.10)
      actionpack (= 4.2.10)
      actionview (= 4.2.10)
      activejob (= 4.2.10)
      mail (~> 2.5, >= 2.5.4)
      rails-dom-testing (~> 1.0, >= 1.0.5)
    actionpack (4.2.10)
      actionview (= 4.2.10)
      activesupport (= 4.2.10)
      rack (~> 1.6)
      rack-test (~> 0.6.2)
      rails-dom-testing (~> 1.0, >= 1.0.5)
      rails-html-sanitizer (~> 1.0, >= 1.0.2)
    actionview (4.2.10)
      activesupport (= 4.2.10)
      builder (~> 3.1)
      erubis (~> 2.7.0)
      rails-dom-testing (~> 1.0, >= 1.0.5)
      rails-html-sanitizer (~> 1.0, >= 1.0.3)
    active_model_serializers (0.9.3)
      activemodel (>= 3.2)
    activejob (4.2.10)
      activesupport (= 4.2.10)
      globalid (>= 0.3.0)
    activemodel (4.2.10)
      activesupport (= 4.2.10)
      builder (~> 3.1)
    activerecord (4.2.10)
      activemodel (= 4.2.10)
      activesupport (= 4.2.10)
      arel (~> 6.0)
    activerecord-session_store (1.1.1)
      actionpack (>= 4.0)
      activerecord (>= 4.0)
      multi_json (~> 1.11, >= 1.11.2)
      rack (>= 1.5.2, < 3)
      railties (>= 4.0)
    activerecord-tableless (2.0.0)
      activerecord (>= 3.0.0, < 5.0.0)
    activesupport (4.2.10)
      i18n (~> 0.7)
      minitest (~> 5.1)
      thread_safe (~> 0.3, >= 0.3.4)
      tzinfo (~> 1.1)
    addressable (2.5.2)
      public_suffix (>= 2.0.2, < 4.0)
    afm (0.2.2)
    angular_rails_csrf (1.0.4)
      rails (>= 3, < 5)
    arel (6.0.4)
    ast (2.4.0)
    aws-sdk (2.9.7)
      aws-sdk-resources (= 2.9.7)
    aws-sdk-core (2.9.7)
      aws-sigv4 (~> 1.0)
      jmespath (~> 1.0)
    aws-sdk-resources (2.9.7)
      aws-sdk-core (= 2.9.7)
    aws-sigv4 (1.0.0)
    bcrypt (3.1.10)
    binding_of_caller (0.7.2)
      debug_inspector (>= 0.0.1)
    builder (3.2.3)
    bulk_insert (1.1.0)
      activerecord (~> 4.2.2)
    bullet (4.14.10)
      activesupport (>= 3.0.0)
      uniform_notifier (~> 1.9.0)
    business_time (0.9.3)
      activesupport (>= 3.2.0)
      tzinfo
    byebug (9.0.6)
    callsite (0.0.11)
    capybara (2.5.0)
      mime-types (>= 1.16)
      nokogiri (>= 1.3.3)
      rack (>= 1.0.0)
      rack-test (>= 0.5.4)
      xpath (~> 2.0)
    capybara-screenshot (1.0.22)
      capybara (>= 1.0, < 4)
      launchy
    carrierwave (0.11.2)
      activemodel (>= 3.2.0)
      activesupport (>= 3.2.0)
      json (>= 1.7)
      mime-types (>= 1.16)
      mimemagic (>= 0.3.0)
    climate_control (0.2.0)
    clipboard (1.0.6)
    cliver (0.3.2)
    cocaine (0.5.8)
      climate_control (>= 0.0.3, < 1.0)
    cocoon (1.2.6)
    coderay (1.1.0)
    commonjs (0.2.7)
    concurrent-ruby (1.0.5)
    connection_pool (2.2.1)
    cpf_cnpj (0.3.0)
    cpf_faker (1.3.0)
      clipboard
    crack (0.4.3)
      safe_yaml (~> 1.0.0)
    crass (1.0.4)
    database_cleaner (1.5.1)
    debug_inspector (0.0.2)
    declarative (0.0.10)
    declarative-option (0.1.0)
    decorators (2.0.4)
      railties (>= 4.0.0, < 6)
    deferring (0.5.0)
      activerecord (>= 4.2, < 5.3)
    devise (3.5.1)
      bcrypt (~> 3.0)
      orm_adapter (~> 0.1)
      railties (>= 3.2.6, < 5)
      responders
      thread_safe (~> 0.1)
      warden (~> 1.2.3)
    diff-lcs (1.2.5)
    docile (1.1.5)
    domain_name (0.5.20180417)
      unf (>= 0.0.5, < 1.0.0)
    ejs (1.1.1)
    enumerate_it (1.3.1)
      activesupport (>= 3.0.0)
    erubis (2.7.0)
    excon (0.45.4)
    execjs (2.6.0)
    factory_girl (4.5.0)
      activesupport (>= 3.0.0)
    factory_girl_rails (4.5.0)
      factory_girl (~> 4.5.0)
      railties (>= 3.0.0)
    faker (1.6.1)
      i18n (~> 0.5)
    faraday (0.15.3)
      multipart-post (>= 1.2, < 3)
    fission (0.5.0)
      CFPropertyList (~> 2.2)
    fog (1.36.0)
      fog-aliyun (>= 0.1.0)
      fog-atmos
      fog-aws (>= 0.6.0)
      fog-brightbox (~> 0.4)
      fog-core (~> 1.32)
      fog-dynect (~> 0.0.2)
      fog-ecloud (~> 0.1)
      fog-google (<= 0.1.0)
      fog-json
      fog-local
      fog-powerdns (>= 0.1.1)
      fog-profitbricks
      fog-radosgw (>= 0.0.2)
      fog-riakcs
      fog-sakuracloud (>= 0.0.4)
      fog-serverlove
      fog-softlayer
      fog-storm_on_demand
      fog-terremark
      fog-vmfusion
      fog-voxel
      fog-xenserver
      fog-xml (~> 0.1.1)
      ipaddress (~> 0.5)
      nokogiri (~> 1.5, >= 1.5.11)
    fog-aliyun (0.1.0)
      fog-core (~> 1.27)
      fog-json (~> 1.0)
      ipaddress (~> 0.8)
      xml-simple (~> 1.1)
    fog-atmos (0.1.0)
      fog-core
      fog-xml
    fog-aws (0.7.6)
      fog-core (~> 1.27)
      fog-json (~> 1.0)
      fog-xml (~> 0.1)
      ipaddress (~> 0.8)
    fog-brightbox (0.9.0)
      fog-core (~> 1.22)
      fog-json
      inflecto (~> 0.0.2)
    fog-core (1.34.0)
      builder
      excon (~> 0.45)
      formatador (~> 0.2)
      mime-types
    fog-dynect (0.0.2)
      fog-core
      fog-json
      fog-xml
    fog-ecloud (0.3.0)
      fog-core
      fog-xml
    fog-google (0.1.0)
      fog-core
      fog-json
      fog-xml
    fog-json (1.0.2)
      fog-core (~> 1.0)
      multi_json (~> 1.10)
    fog-local (0.2.1)
      fog-core (~> 1.27)
    fog-powerdns (0.1.1)
      fog-core (~> 1.27)
      fog-json (~> 1.0)
      fog-xml (~> 0.1)
    fog-profitbricks (0.0.5)
      fog-core
      fog-xml
      nokogiri
    fog-radosgw (0.0.4)
      fog-core (>= 1.21.0)
      fog-json
      fog-xml (>= 0.0.1)
    fog-riakcs (0.1.0)
      fog-core
      fog-json
      fog-xml
    fog-sakuracloud (1.4.0)
      fog-core
      fog-json
    fog-serverlove (0.1.2)
      fog-core
      fog-json
    fog-softlayer (1.0.2)
      fog-core
      fog-json
    fog-storm_on_demand (0.1.1)
      fog-core
      fog-json
    fog-terremark (0.1.0)
      fog-core
      fog-xml
    fog-vmfusion (0.1.0)
      fission
      fog-core
    fog-voxel (0.1.0)
      fog-core
      fog-xml
    fog-xenserver (0.2.2)
      fog-core
      fog-xml
    fog-xml (0.1.2)
      fog-core
      nokogiri (~> 1.5, >= 1.5.11)
    foreigner (1.6.1)
      activerecord (>= 3.0.0)
    formatador (0.2.5)
    gelf (3.0.0)
      json
    gherkin (2.12.2)
      multi_json (~> 1.3)
    globalid (0.4.1)
      activesupport (>= 4.2.0)
    google-api-client (0.21.2)
      addressable (~> 2.5, >= 2.5.1)
      googleauth (>= 0.5, < 0.7.0)
      httpclient (>= 2.8.1, < 3.0)
      mime-types (~> 3.0)
      representable (~> 3.0)
      retriable (>= 2.0, < 4.0)
    google_drive (2.1.12)
      google-api-client (>= 0.11.0, < 0.22.0)
      googleauth (>= 0.5.0, < 1.0.0)
      nokogiri (>= 1.5.3, < 2.0.0)
    googleauth (0.6.7)
      faraday (~> 0.12)
      jwt (>= 1.4, < 3.0)
      memoist (~> 0.16)
      multi_json (~> 1.11)
      os (>= 0.9, < 2.0)
      signet (~> 0.7)
    grease (0.3.1)
    handlebars_assets (0.23.2)
      execjs (~> 2.0)
      sprockets (>= 2.0.0)
      tilt (>= 1.2)
    has_scope (0.5.1)
    hashdiff (0.3.7)
    hashery (2.1.1)
    honeybadger (3.3.0)
    http-cookie (1.0.3)
      domain_name (~> 0.5)
    httparty (0.14.0)
      multi_xml (>= 0.5.2)
    httpclient (2.8.3)
    i18n (0.9.5)
      concurrent-ruby (~> 1.0)
    inflecto (0.0.2)
    ipaddress (0.8.0)
    jaro_winkler (1.5.1)
    jbuilder (2.2.16)
      activesupport (>= 3.0.0, < 5)
      multi_json (~> 1.2)
    jmespath (1.3.1)
    js-routes (1.1.2)
      railties (>= 3.2)
      sprockets-rails
    json (1.8.6)
    jwt (2.1.0)
    kaminari (0.16.3)
      actionpack (>= 3.0.0)
      activesupport (>= 3.0.0)
    launchy (2.4.3)
      addressable (~> 2.3)
    less (2.6.0)
      commonjs (~> 0.2.7)
    less-rails (3.0.0)
      actionpack (>= 4.0)
      grease
      less (~> 2.6.0)
      sprockets (> 2, < 4)
      tilt
    libv8 (3.16.14.13)
    lograge (0.7.1)
      actionpack (>= 4, < 5.2)
      activesupport (>= 4, < 5.2)
      railties (>= 4, < 5.2)
      request_store (~> 1.0)
    loofah (2.2.2)
      crass (~> 1.0.2)
      nokogiri (>= 1.5.9)
    mail (2.7.1)
      mini_mime (>= 0.1.1)
    mask_validator (0.2.1)
      activemodel (>= 3.0)
      activerecord (>= 3.0)
    memoist (0.16.0)
    meta_request (0.6.0)
      callsite (~> 0.0, >= 0.0.11)
      rack-contrib (>= 1.1, < 3)
      railties (>= 3.0.0, < 6)
    method_source (0.8.2)
    mime-types (3.2.2)
      mime-types-data (~> 3.2015)
    mime-types-data (3.2018.0812)
    mimemagic (0.3.2)
    mina (1.2.3)
      open4 (~> 1.3.4)
      rake
    mini_mime (1.0.1)
    mini_portile2 (2.3.0)
    minitest (5.11.3)
    multi_json (1.11.2)
    multi_xml (0.5.5)
    multipart-post (2.0.0)
    netrc (0.11.0)
    newrelic_rpm (3.14.0.305)
    nokogiri (1.8.5)
      mini_portile2 (~> 2.3.0)
    non-stupid-digest-assets (1.0.9)
      sprockets (>= 2.0)
    open4 (1.3.4)
    orm_adapter (0.5.0)
    os (1.0.0)
    paperclip (5.2.1)
      activemodel (>= 4.2.0)
      activesupport (>= 4.2.0)
      cocaine (~> 0.5.5)
      mime-types
      mimemagic (~> 0.3.0)
    parallel (1.12.1)
    paranoia (2.4.1)
      activerecord (>= 4.0, < 5.3)
    parser (2.5.1.2)
      ast (~> 2.4.0)
    pdf-core (0.6.1)
    pdf-inspector (1.2.1)
      pdf-reader (~> 1.0)
    pdf-reader (1.3.3)
      Ascii85 (~> 1.0.0)
      afm (~> 0.2.0)
      hashery (~> 2.0)
      ruby-rc4
      ttfunk
    pg (0.17.1)
    poltergeist (1.8.1)
      capybara (~> 2.1)
      cliver (~> 0.3.1)
      multi_json (~> 1.0)
      websocket-driver (>= 0.2.0)
    postgres-copy (1.0.0)
      activerecord (>= 4.0)
      pg (>= 0.17)
      rails (>= 4.0)
      responders
    powerpack (0.1.2)
    prawn-table (0.2.2)
      prawn (>= 1.3.0, < 3.0.0)
    pry (0.10.3)
      coderay (~> 1.1.0)
      method_source (~> 0.8.1)
      slop (~> 3.4)
    pry-byebug (3.4.2)
      byebug (~> 9.0)
      pry (~> 0.10)
    pry-remote (0.1.8)
      pry (~> 0.9)
      slop (~> 3.0)
    public_suffix (3.0.3)
    puma (3.12.0)
    pundit (0.3.0)
      activesupport (>= 3.0.0)
    quiet_assets (1.1.0)
      railties (>= 3.1, < 5.0)
    rack (1.6.10)
    rack-contrib (1.8.0)
      rack (~> 1.4)
    rack-cors (0.4.1)
    rack-protection (1.5.5)
      rack
    rack-test (0.6.3)
      rack (>= 1.0)
    rails (4.2.10)
      actionmailer (= 4.2.10)
      actionpack (= 4.2.10)
      actionview (= 4.2.10)
      activejob (= 4.2.10)
      activemodel (= 4.2.10)
      activerecord (= 4.2.10)
      activesupport (= 4.2.10)
      bundler (>= 1.3.0, < 2.0)
      railties (= 4.2.10)
      sprockets-rails
    rails-deprecated_sanitizer (1.0.3)
      activesupport (>= 4.2.0.alpha)
    rails-dom-testing (1.0.9)
      activesupport (>= 4.2.0, < 5.0)
      nokogiri (~> 1.6)
      rails-deprecated_sanitizer (>= 1.0.1)
    rails-html-sanitizer (1.0.4)
      loofah (~> 2.2, >= 2.2.2)
    rails-observers (0.1.2)
      activemodel (~> 4.0)
    railties (4.2.10)
      actionpack (= 4.2.10)
      activesupport (= 4.2.10)
      rake (>= 0.8.7)
      thor (>= 0.18.1, < 2.0)
    rainbow (3.0.0)
    rake (11.1.2)
    rdoc (4.2.0)
    rdstation-ruby-client (0.0.4)
      httparty (~> 0.12)
    redis (3.3.3)
    ref (2.0.0)
    representable (3.0.4)
      declarative (< 0.1.0)
      declarative-option (< 0.2.0)
      uber (< 0.2.0)
    request_store (1.3.2)
    responders (2.1.0)
      railties (>= 4.2.0, < 5)
    rest-client (2.0.2)
      http-cookie (>= 1.0.2, < 2.0)
      mime-types (>= 1.16, < 4.0)
      netrc (~> 0.8)
    retriable (3.1.2)
    rspec (3.4.0)
      rspec-core (~> 3.4.0)
      rspec-expectations (~> 3.4.0)
      rspec-mocks (~> 3.4.0)
    rspec-core (3.4.0)
      rspec-support (~> 3.4.0)
    rspec-expectations (3.4.0)
      diff-lcs (>= 1.2.0, < 2.0)
      rspec-support (~> 3.4.0)
    rspec-mocks (3.4.0)
      diff-lcs (>= 1.2.0, < 2.0)
      rspec-support (~> 3.4.0)
    rspec-rails (3.4.0)
      actionpack (>= 3.0, < 4.3)
      activesupport (>= 3.0, < 4.3)
      railties (>= 3.0, < 4.3)
      rspec-core (~> 3.4.0)
      rspec-expectations (~> 3.4.0)
      rspec-mocks (~> 3.4.0)
      rspec-support (~> 3.4.0)
    rspec-sidekiq (3.0.3)
      rspec-core (~> 3.0, >= 3.0.0)
      sidekiq (>= 2.4.0)
    rspec-support (3.4.0)
    rspec-wait (0.0.9)
      rspec (>= 3, < 4)
    rubocop (0.59.2)
      jaro_winkler (~> 1.5.1)
      parallel (~> 1.10)
      parser (>= 2.5, != 2.5.1.1)
      powerpack (~> 0.1)
      rainbow (>= 2.2.2, < 4.0)
      ruby-progressbar (~> 1.7)
      unicode-display_width (~> 1.0, >= 1.0.1)
    ruby-progressbar (1.10.0)
    ruby-rc4 (0.1.5)
    rubyzip (1.2.2)
    safe_yaml (1.0.4)
    sdoc (0.4.1)
      json (~> 1.7, >= 1.7.7)
      rdoc (~> 4.0)
    shoulda-matchers (3.0.1)
      activesupport (>= 4.0.0)
    sidekiq (5.0.3)
      concurrent-ruby (~> 1.0)
      connection_pool (~> 2.2, >= 2.2.0)
      rack-protection (>= 1.5.0)
      redis (~> 3.3, >= 3.3.3)
    sidekiq-unique-jobs (4.0.18)
      sidekiq (>= 2.6)
      thor
    signet (0.11.0)
      addressable (~> 2.3)
      faraday (~> 0.9)
      jwt (>= 1.5, < 3.0)
      multi_json (~> 1.10)
    simple_form (3.1.0)
      actionpack (~> 4.0)
      activemodel (~> 4.0)
    simplecov (0.12.0)
      docile (~> 1.1.0)
      json (>= 1.8, < 3)
      simplecov-html (~> 0.10.0)
    simplecov-html (0.10.0)
    sinatra (1.4.6)
      rack (~> 1.4)
      rack-protection (~> 1.4)
      tilt (>= 1.3, < 3)
    slop (3.6.0)
    spring (2.0.2)
      activesupport (>= 4.2)
    spring-commands-rspec (1.0.4)
      spring (>= 0.9.1)
    sprockets (3.7.2)
      concurrent-ruby (~> 1.0)
      rack (> 1, < 3)
    sprockets-rails (3.2.1)
      actionpack (>= 4.0)
      activesupport (>= 4.0)
      sprockets (>= 3.0.0)
    therubyracer (0.12.2)
      libv8 (~> 3.16.14.0)
      ref
    thor (0.20.0)
    thread_safe (0.3.6)
    tilt (2.0.1)
    timecop (0.8.1)
    timeliness (0.3.7)
    ttfunk (1.4.0)
    turnip (1.3.1)
      gherkin (>= 2.5)
      rspec (>= 2.14.0, < 4.0)
    twitter-bootstrap-rails (3.2.0)
      actionpack (~> 4.1)
      execjs (~> 2.2)
      rails (~> 4.1)
      railties (~> 4.1)
    tzinfo (1.2.5)
      thread_safe (~> 0.1)
    uber (0.1.0)
    uglifier (2.7.2)
      execjs (>= 0.3.0)
      json (>= 1.8.0)
    unf (0.1.4)
      unf_ext
    unf_ext (0.0.7.5)
    unicode-display_width (1.4.0)
    uniform_notifier (1.9.0)
    uri_validator (0.2.0)
      activemodel (>= 3.0)
    validates_timeliness (3.0.14)
      timeliness (~> 0.3.6)
    vcr (3.0.0)
    warden (1.2.3)
      rack (>= 1.0)
    web-console (2.2.1)
      activemodel (>= 4.0)
      binding_of_caller (>= 0.7.2)
      railties (>= 4.0)
      sprockets-rails (>= 2.0, < 4.0)
    webmock (1.24.6)
      addressable (>= 2.3.6)
      crack (>= 0.3.2)
      hashdiff
    websocket-driver (0.6.4)
      websocket-extensions (>= 0.1.0)
    websocket-extensions (0.1.2)
    xml-simple (1.1.5)
    xpath (2.0.0)
      nokogiri (~> 1.3)

PLATFORMS
  ruby

DEPENDENCIES
  active_model_serializers
  activerecord-connections!
  activerecord-session_store
  activerecord-tableless (~> 2.0)
  angular_rails_csrf
  audited-activerecord!
  aws-sdk (~> 2)
  backbone-nested-attributes!
  binding_of_caller (~> 0.7.2)
  bulk_insert (~> 1.0)
  bullet
  business_time
  capybara (~> 2.5)
  capybara-screenshot (= 1.0.22)
  carrierwave (~> 0.11.2)
  cocoon (~> 1.2.6)
  cpf_cnpj
  cpf_faker (~> 1.3)
  database_cleaner (~> 1.5, >= 1.5.1)
  decore!
  deferring
  devise (= 3.5.1)
  ejs (~> 1.1, >= 1.1.1)
  enumerate_it (= 1.3.1)
  factory_girl_rails (~> 4.5)
  faker (~> 1.6, >= 1.6.1)
  fog (~> 1.36)
  foreigner (= 1.6.1)
  gelf
  google_drive (= 2.1.12)
  handlebars_assets (~> 0.23.0)
  has_scope (= 0.5.1)
  honeybadger (~> 3)
  i18n_alchemy (= 0.2.1)!
  jbuilder (~> 2.2.2)
  js-routes
  kaminari (~> 0.16.1)
  less-rails (~> 3.0.0)
  lograge
  loofah (~> 2.2.1)
  mask_validator (= 0.2.1)
  meta_request
  mina (= 1.2.3)
  mina-puma!
  mina-sidekiq!
  newrelic_rpm
  nokogiri (~> 1.8.1)
  non-stupid-digest-assets (~> 1.0.9)
  novo_educacao_plus!
  paperclip (~> 5.2.0)
  paranoia (~> 2.2)
  pdf-inspector
  pg (= 0.17.1)
  poltergeist (~> 1.8.1)
  postgres-copy
  prawn (~> 2.1.0)!
  prawn-table (= 0.2.2)
  pry (~> 0.10.3)
  pry-byebug
  pry-remote
  puma (~> 3.12.0)
  pundit (= 0.3.0)
  quiet_assets
  rack-cors (~> 0.4.1)
  rack-protection (~> 1.5.5)
  rails (~> 4.2.10)
  rake (~> 11.1.0)
  rdstation-ruby-client
  responders (~> 2.0)
  rest-client (~> 2.0.2)
  route_translator!
  rspec-rails (~> 3.4)
  rspec-sidekiq
  rspec-wait (~> 0.0.9)
  rubocop (~> 0.59.2)
  rubyzip (~> 1.2.1)
  sdoc (~> 0.4.0)
  shoulda-matchers (~> 3.0, >= 3.0.1)
  sidekiq (< 6)
  sidekiq-unique-jobs (~> 4.0.18)
  simple_form (= 3.1.0)
  simplecov
  sinatra (>= 1.3.0)
  spring
  spring-commands-rspec
  therubyracer (= 0.12.2)
  timecop
  turnip (~> 1.3, >= 1.3.1)
  twitter-bootstrap-rails (= 3.2.0)
  uglifier (>= 1.3.0)
  uri_validator
  validates_timeliness (= 3.0.14)
  vcr (~> 3.0)
  web-console (~> 2.0)
  webmock (~> 1)
  zenvia-ruby!

RUBY VERSION
   ruby 2.2.6p396

BUNDLED WITH
   1.16.6
