GIT
  remote: git://github.com/giustin/i18n_alchemy.git
  revision: 0f21f7939366d18f4689bcc7bfebac7066682315
  branch: master
  specs:
    i18n_alchemy (0.2.1)
      activesupport (>= 3.2.0, < 5.0.0)
      i18n (~> 0.6)

GIT
  remote: git://github.com/portabilis/prawn.git
  revision: a7a99b9d95418c48c9defdb32409f3fcfe59daaa
  branch: master
  specs:
    prawn (2.1.1)
      pdf-core (~> 0.6.1)
      ttfunk (~> 1.4.0)

GIT
  remote: git://github.com/samuelsimoes/backbone-nested-attributes.git
  revision: 77799673a842de59690970517a970665b7760cc6
  specs:
    backbone-nested-attributes (0.3.0)
      rails (>= 3.2.8)

GIT
  remote: https://github.com/enriclluelles/route_translator.git
  revision: 1c71391ba17f3616b58cd042e94c3bb9347fecfc
  specs:
    route_translator (4.1.0)
      actionpack (>= 3.2, < 5.0)
      activesupport (>= 3.2, < 5.0)

GIT
  remote: https://github.com/matiasleidemer/decore
  revision: ff017a022a623302d7ea823fc4af2b6bec461c7b
  specs:
    decore (0.1.0)
      activesupport (>= 3.2.0)

GIT
  remote: https://github.com/portabilis/audited.git
  revision: aeca407e44b52083c41172fe2db11fd3b99ca4eb
  specs:
    audited (4.0.0.rc1)
      rails-observers (~> 0.1.2)
    audited-activerecord (4.0.0.rc1)
      activerecord (~> 4.0)
      audited (= 4.0.0.rc1)

GIT
  remote: https://github.com/portabilis/zenvia-ruby
  revision: 3ddce8e147d02a7deafd56adaedd7f35184ce0a7
  specs:
    zenvia-ruby (0.1.7)

GIT
  remote: https://github.com/ricardohsd/activerecord-connections.git
  revision: b2a704ff10c447f37635eaa0a447ffb4747b1694
  specs:
    activerecord-connections (0.0.3)
      activerecord (>= 4.1.0)
      activesupport (>= 4.1.0)

GIT
  remote: https://github.com/ricardohsd/rest-client.git
  revision: ccdf1e81be7e5556ba6014b21de87cbefe057c23
  specs:
    rest-client (1.7.2)
      mime-types (>= 1.16, < 3.0)
      netrc (~> 0.7)

GEM
  remote: https://rubygems.org/
  specs:
    Ascii85 (1.0.2)
    CFPropertyList (2.3.2)
    actionmailer (4.2.3)
      actionpack (= 4.2.3)
      actionview (= 4.2.3)
      activejob (= 4.2.3)
      mail (~> 2.5, >= 2.5.4)
      rails-dom-testing (~> 1.0, >= 1.0.5)
    actionpack (4.2.3)
      actionview (= 4.2.3)
      activesupport (= 4.2.3)
      rack (~> 1.6)
      rack-test (~> 0.6.2)
      rails-dom-testing (~> 1.0, >= 1.0.5)
      rails-html-sanitizer (~> 1.0, >= 1.0.2)
    actionview (4.2.3)
      activesupport (= 4.2.3)
      builder (~> 3.1)
      erubis (~> 2.7.0)
      rails-dom-testing (~> 1.0, >= 1.0.5)
      rails-html-sanitizer (~> 1.0, >= 1.0.2)
    active_model_serializers (0.9.3)
      activemodel (>= 3.2)
    activejob (4.2.3)
      activesupport (= 4.2.3)
      globalid (>= 0.3.0)
    activemodel (4.2.3)
      activesupport (= 4.2.3)
      builder (~> 3.1)
    activerecord (4.2.3)
      activemodel (= 4.2.3)
      activesupport (= 4.2.3)
      arel (~> 6.0)
    activerecord-session_store (1.1.1)
      actionpack (>= 4.0)
      activerecord (>= 4.0)
      multi_json (~> 1.11, >= 1.11.2)
      rack (>= 1.5.2, < 3)
      railties (>= 4.0)
    activerecord-tableless (2.0.0)
      activerecord (>= 3.0.0, < 5.0.0)
    activesupport (4.2.3)
      i18n (~> 0.7)
      json (~> 1.7, >= 1.7.7)
      minitest (~> 5.1)
      thread_safe (~> 0.3, >= 0.3.4)
      tzinfo (~> 1.1)
    addressable (2.3.8)
    afm (0.2.2)
    angular_rails_csrf (1.0.4)
      rails (>= 3, < 5)
    arel (6.0.3)
    aws-sdk (2.9.7)
      aws-sdk-resources (= 2.9.7)
    aws-sdk-core (2.9.7)
      aws-sigv4 (~> 1.0)
      jmespath (~> 1.0)
    aws-sdk-resources (2.9.7)
      aws-sdk-core (= 2.9.7)
    aws-sigv4 (1.0.0)
    bcrypt (3.1.10)
    better_errors (1.1.0)
      coderay (>= 1.0.0)
      erubis (>= 2.6.6)
    binding_of_caller (0.7.2)
      debug_inspector (>= 0.0.1)
    builder (3.2.2)
    bulk_insert (1.1.0)
      activerecord (~> 4.2.2)
    bullet (4.14.10)
      activesupport (>= 3.0.0)
      uniform_notifier (~> 1.9.0)
    business_time (0.9.3)
      activesupport (>= 3.2.0)
      tzinfo
    byebug (9.0.6)
    capybara (2.5.0)
      mime-types (>= 1.16)
      nokogiri (>= 1.3.3)
      rack (>= 1.0.0)
      rack-test (>= 0.5.4)
      xpath (~> 2.0)
    capybara-screenshot (1.0.12)
      capybara (>= 1.0, < 3)
      launchy
    carrierwave (0.10.0)
      activemodel (>= 3.2.0)
      activesupport (>= 3.2.0)
      json (>= 1.7)
      mime-types (>= 1.16)
    chronic (0.10.2)
    climate_control (0.1.0)
    clipboard (1.0.6)
    cliver (0.3.2)
    cocaine (0.5.8)
      climate_control (>= 0.0.3, < 1.0)
    cocoon (1.2.6)
    coderay (1.1.0)
    commonjs (0.2.7)
    concurrent-ruby (1.0.5)
    connection_pool (2.2.1)
    cpf_cnpj (0.3.0)
    cpf_faker (1.3.0)
      clipboard
    crack (0.4.2)
      safe_yaml (~> 1.0.0)
    database_cleaner (1.5.1)
    debug_inspector (0.0.2)
    devise (3.5.1)
      bcrypt (~> 3.0)
      orm_adapter (~> 0.1)
      railties (>= 3.2.6, < 5)
      responders
      thread_safe (~> 0.1)
      warden (~> 1.2.3)
    diff-lcs (1.2.5)
    docile (1.1.5)
    ejs (1.1.1)
    enumerate_it (1.3.1)
      activesupport (>= 3.0.0)
    erubis (2.7.0)
    excon (0.45.4)
    execjs (2.6.0)
    factory_girl (4.5.0)
      activesupport (>= 3.0.0)
    factory_girl_rails (4.5.0)
      factory_girl (~> 4.5.0)
      railties (>= 3.0.0)
    faker (1.6.1)
      i18n (~> 0.5)
    fission (0.5.0)
      CFPropertyList (~> 2.2)
    fog (1.36.0)
      fog-aliyun (>= 0.1.0)
      fog-atmos
      fog-aws (>= 0.6.0)
      fog-brightbox (~> 0.4)
      fog-core (~> 1.32)
      fog-dynect (~> 0.0.2)
      fog-ecloud (~> 0.1)
      fog-google (<= 0.1.0)
      fog-json
      fog-local
      fog-powerdns (>= 0.1.1)
      fog-profitbricks
      fog-radosgw (>= 0.0.2)
      fog-riakcs
      fog-sakuracloud (>= 0.0.4)
      fog-serverlove
      fog-softlayer
      fog-storm_on_demand
      fog-terremark
      fog-vmfusion
      fog-voxel
      fog-xenserver
      fog-xml (~> 0.1.1)
      ipaddress (~> 0.5)
      nokogiri (~> 1.5, >= 1.5.11)
    fog-aliyun (0.1.0)
      fog-core (~> 1.27)
      fog-json (~> 1.0)
      ipaddress (~> 0.8)
      xml-simple (~> 1.1)
    fog-atmos (0.1.0)
      fog-core
      fog-xml
    fog-aws (0.7.6)
      fog-core (~> 1.27)
      fog-json (~> 1.0)
      fog-xml (~> 0.1)
      ipaddress (~> 0.8)
    fog-brightbox (0.9.0)
      fog-core (~> 1.22)
      fog-json
      inflecto (~> 0.0.2)
    fog-core (1.34.0)
      builder
      excon (~> 0.45)
      formatador (~> 0.2)
      mime-types
    fog-dynect (0.0.2)
      fog-core
      fog-json
      fog-xml
    fog-ecloud (0.3.0)
      fog-core
      fog-xml
    fog-google (0.1.0)
      fog-core
      fog-json
      fog-xml
    fog-json (1.0.2)
      fog-core (~> 1.0)
      multi_json (~> 1.10)
    fog-local (0.2.1)
      fog-core (~> 1.27)
    fog-powerdns (0.1.1)
      fog-core (~> 1.27)
      fog-json (~> 1.0)
      fog-xml (~> 0.1)
    fog-profitbricks (0.0.5)
      fog-core
      fog-xml
      nokogiri
    fog-radosgw (0.0.4)
      fog-core (>= 1.21.0)
      fog-json
      fog-xml (>= 0.0.1)
    fog-riakcs (0.1.0)
      fog-core
      fog-json
      fog-xml
    fog-sakuracloud (1.4.0)
      fog-core
      fog-json
    fog-serverlove (0.1.2)
      fog-core
      fog-json
    fog-softlayer (1.0.2)
      fog-core
      fog-json
    fog-storm_on_demand (0.1.1)
      fog-core
      fog-json
    fog-terremark (0.1.0)
      fog-core
      fog-xml
    fog-vmfusion (0.1.0)
      fission
      fog-core
    fog-voxel (0.1.0)
      fog-core
      fog-xml
    fog-xenserver (0.2.2)
      fog-core
      fog-xml
    fog-xml (0.1.2)
      fog-core
      nokogiri (~> 1.5, >= 1.5.11)
    foreigner (1.6.1)
      activerecord (>= 3.0.0)
    formatador (0.2.5)
    gelf (3.0.0)
      json
    gherkin (2.12.2)
      multi_json (~> 1.3)
    globalid (0.3.6)
      activesupport (>= 4.1.0)
    handlebars_assets (0.17.1)
      execjs (>= 1.2.9)
      multi_json
      sprockets (>= 2.0.3)
      tilt
    has_scope (0.5.1)
    hashdiff (0.2.3)
    hashery (2.1.1)
    honeybadger (3.3.0)
    httparty (0.14.0)
      multi_xml (>= 0.5.2)
    i18n (0.7.0)
    inflecto (0.0.2)
    ipaddress (0.8.0)
    jbuilder (2.2.16)
      activesupport (>= 3.0.0, < 5)
      multi_json (~> 1.2)
    jmespath (1.3.1)
    js-routes (1.1.2)
      railties (>= 3.2)
      sprockets-rails
    json (1.8.3)
    kaminari (0.16.3)
      actionpack (>= 3.0.0)
      activesupport (>= 3.0.0)
    launchy (2.4.3)
      addressable (~> 2.3)
    less (2.6.0)
      commonjs (~> 0.2.7)
    less-rails (2.7.0)
      actionpack (>= 4.0)
      less (~> 2.6.0)
      sprockets (> 2, < 4)
      tilt
    libv8 (3.16.14.13)
    lograge (0.7.1)
      actionpack (>= 4, < 5.2)
      activesupport (>= 4, < 5.2)
      railties (>= 4, < 5.2)
      request_store (~> 1.0)
    loofah (2.0.3)
      nokogiri (>= 1.5.9)
    mail (2.6.3)
      mime-types (>= 1.16, < 3)
    mask_validator (0.2.1)
      activemodel (>= 3.0)
      activerecord (>= 3.0)
    method_source (0.8.2)
    mime-types (2.6.2)
    mimemagic (0.3.2)
    mina (0.3.7)
      open4 (~> 1.3.4)
      rake
    mina-sidekiq (0.4.1)
      mina
    mini_portile (0.6.2)
    minitest (5.8.3)
    multi_json (1.11.2)
    multi_xml (0.5.5)
    netrc (0.11.0)
    newrelic_rpm (3.14.0.305)
    nokogiri (1.6.6.3)
      mini_portile (~> 0.6.0)
    open4 (1.3.4)
    orm_adapter (0.5.0)
    paperclip (5.1.0)
      activemodel (>= 4.2.0)
      activesupport (>= 4.2.0)
      cocaine (~> 0.5.5)
      mime-types
      mimemagic (~> 0.3.0)
    paranoia (2.4.1)
      activerecord (>= 4.0, < 5.3)
    pdf-core (0.6.1)
    pdf-inspector (1.2.1)
      pdf-reader (~> 1.0)
    pdf-reader (1.3.3)
      Ascii85 (~> 1.0.0)
      afm (~> 0.2.0)
      hashery (~> 2.0)
      ruby-rc4
      ttfunk
    pg (0.17.1)
    poltergeist (1.8.1)
      capybara (~> 2.1)
      cliver (~> 0.3.1)
      multi_json (~> 1.0)
      websocket-driver (>= 0.2.0)
    postgres-copy (1.0.0)
      activerecord (>= 4.0)
      pg (>= 0.17)
      rails (>= 4.0)
      responders
    prawn-table (0.2.2)
      prawn (>= 1.3.0, < 3.0.0)
    pry (0.10.3)
      coderay (~> 1.1.0)
      method_source (~> 0.8.1)
      slop (~> 3.4)
    pry-byebug (3.4.2)
      byebug (~> 9.0)
      pry (~> 0.10)
    pry-remote (0.1.8)
      pry (~> 0.9)
      slop (~> 3.0)
    puma (3.9.1)
    pundit (0.3.0)
      activesupport (>= 3.0.0)
    quiet_assets (1.1.0)
      railties (>= 3.1, < 5.0)
    rack (1.6.4)
    rack-cors (0.4.0)
    rack-protection (1.5.3)
      rack
    rack-test (0.6.3)
      rack (>= 1.0)
    rails (4.2.3)
      actionmailer (= 4.2.3)
      actionpack (= 4.2.3)
      actionview (= 4.2.3)
      activejob (= 4.2.3)
      activemodel (= 4.2.3)
      activerecord (= 4.2.3)
      activesupport (= 4.2.3)
      bundler (>= 1.3.0, < 2.0)
      railties (= 4.2.3)
      sprockets-rails
    rails-deprecated_sanitizer (1.0.3)
      activesupport (>= 4.2.0.alpha)
    rails-dom-testing (1.0.7)
      activesupport (>= 4.2.0.beta, < 5.0)
      nokogiri (~> 1.6.0)
      rails-deprecated_sanitizer (>= 1.0.1)
    rails-html-sanitizer (1.0.2)
      loofah (~> 2.0)
    rails-observers (0.1.2)
      activemodel (~> 4.0)
    railties (4.2.3)
      actionpack (= 4.2.3)
      activesupport (= 4.2.3)
      rake (>= 0.8.7)
      thor (>= 0.18.1, < 2.0)
    rake (11.2.2)
    rdoc (4.2.0)
    rdstation-ruby-client (0.0.4)
      httparty (~> 0.12)
    redis (3.3.3)
    ref (2.0.0)
    request_store (1.3.2)
    responders (2.1.0)
      railties (>= 4.2.0, < 5)
    rspec (3.4.0)
      rspec-core (~> 3.4.0)
      rspec-expectations (~> 3.4.0)
      rspec-mocks (~> 3.4.0)
    rspec-core (3.4.0)
      rspec-support (~> 3.4.0)
    rspec-expectations (3.4.0)
      diff-lcs (>= 1.2.0, < 2.0)
      rspec-support (~> 3.4.0)
    rspec-mocks (3.4.0)
      diff-lcs (>= 1.2.0, < 2.0)
      rspec-support (~> 3.4.0)
    rspec-rails (3.4.0)
      actionpack (>= 3.0, < 4.3)
      activesupport (>= 3.0, < 4.3)
      railties (>= 3.0, < 4.3)
      rspec-core (~> 3.4.0)
      rspec-expectations (~> 3.4.0)
      rspec-mocks (~> 3.4.0)
      rspec-support (~> 3.4.0)
    rspec-support (3.4.0)
    rspec-wait (0.0.9)
      rspec (>= 3, < 4)
    ruby-rc4 (0.1.5)
    rubyzip (1.1.0)
    safe_yaml (1.0.4)
    sdoc (0.4.1)
      json (~> 1.7, >= 1.7.7)
      rdoc (~> 4.0)
    shoulda-matchers (3.0.1)
      activesupport (>= 4.0.0)
    sidekiq (5.0.3)
      concurrent-ruby (~> 1.0)
      connection_pool (~> 2.2, >= 2.2.0)
      rack-protection (>= 1.5.0)
      redis (~> 3.3, >= 3.3.3)
    sidekiq-unique-jobs (4.0.18)
      sidekiq (>= 2.6)
      thor
    simple_form (3.1.0)
      actionpack (~> 4.0)
      activemodel (~> 4.0)
    simplecov (0.12.0)
      docile (~> 1.1.0)
      json (>= 1.8, < 3)
      simplecov-html (~> 0.10.0)
    simplecov-html (0.10.0)
    sinatra (1.4.6)
      rack (~> 1.4)
      rack-protection (~> 1.4)
      tilt (>= 1.3, < 3)
    slop (3.6.0)
    spring (2.0.2)
      activesupport (>= 4.2)
    spring-commands-rspec (1.0.4)
      spring (>= 0.9.1)
    sprockets (3.4.0)
      rack (> 1, < 3)
    sprockets-rails (2.3.3)
      actionpack (>= 3.0)
      activesupport (>= 3.0)
      sprockets (>= 2.8, < 4.0)
    therubyracer (0.12.2)
      libv8 (~> 3.16.14.0)
      ref
    thor (0.19.1)
    thread_safe (0.3.5)
    tilt (2.0.1)
    timecop (0.8.1)
    timeliness (0.3.7)
    ttfunk (1.4.0)
    turnip (1.3.1)
      gherkin (>= 2.5)
      rspec (>= 2.14.0, < 4.0)
    twitter-bootstrap-rails (3.2.0)
      actionpack (~> 4.1)
      execjs (~> 2.2)
      rails (~> 4.1)
      railties (~> 4.1)
    tzinfo (1.2.2)
      thread_safe (~> 0.1)
    uglifier (2.7.2)
      execjs (>= 0.3.0)
      json (>= 1.8.0)
    uniform_notifier (1.9.0)
    uri_validator (0.2.0)
      activemodel (>= 3.0)
    validates_timeliness (3.0.14)
      timeliness (~> 0.3.6)
    vcr (3.0.0)
    warden (1.2.3)
      rack (>= 1.0)
    web-console (2.2.1)
      activemodel (>= 4.0)
      binding_of_caller (>= 0.7.2)
      railties (>= 4.0)
      sprockets-rails (>= 2.0, < 4.0)
    webmock (1.22.3)
      addressable (>= 2.3.6)
      crack (>= 0.3.2)
      hashdiff
    websocket-driver (0.6.4)
      websocket-extensions (>= 0.1.0)
    websocket-extensions (0.1.2)
    whenever (0.9.4)
      chronic (>= 0.6.3)
    xml-simple (1.1.5)
    xpath (2.0.0)
      nokogiri (~> 1.3)

PLATFORMS
  ruby

DEPENDENCIES
  active_model_serializers
  activerecord-connections!
  activerecord-session_store
  activerecord-tableless (~> 2.0)
  angular_rails_csrf
  audited-activerecord!
  aws-sdk (~> 2)
  backbone-nested-attributes!
  better_errors (~> 1.1.0)
  binding_of_caller (~> 0.7.2)
  bulk_insert (~> 1.0)
  bullet
  business_time
  capybara (~> 2.5)
  capybara-screenshot
  carrierwave
  cocoon (~> 1.2.6)
  cpf_cnpj
  cpf_faker (~> 1.3)
  database_cleaner (~> 1.5, >= 1.5.1)
  decore!
  devise (= 3.5.1)
  ejs (~> 1.1, >= 1.1.1)
  enumerate_it (= 1.3.1)
  factory_girl_rails (~> 4.5)
  faker (~> 1.6, >= 1.6.1)
  fog (~> 1.36)
  foreigner (= 1.6.1)
  gelf
  handlebars_assets (= 0.17.1)
  has_scope (= 0.5.1)
  honeybadger (~> 3)
  i18n_alchemy (= 0.2.1)!
  jbuilder (~> 2.2.2)
  js-routes
  kaminari (~> 0.16.1)
  less-rails (= 2.7.0)
  lograge
  mask_validator (= 0.2.1)
  mina (= 0.3.7)
  mina-sidekiq (~> 0.4.1)
  newrelic_rpm
  paperclip (~> 5.1.0)
  paranoia (~> 2.2)
  pdf-inspector
  pg (= 0.17.1)
  poltergeist (~> 1.8.1)
  postgres-copy
  prawn (~> 2.1.0)!
  prawn-table (= 0.2.2)
  pry (~> 0.10.3)
  pry-byebug
  pry-remote
  puma (~> 3.9.1)
  pundit (= 0.3.0)
  quiet_assets
  rack-cors
  rails (= 4.2.3)
  rdstation-ruby-client
  responders (~> 2.0)
  rest-client!
  route_translator!
  rspec-rails (~> 3.4)
  rspec-wait (~> 0.0.9)
  rubyzip (= 1.1.0)
  sdoc (~> 0.4.0)
  shoulda-matchers (~> 3.0, >= 3.0.1)
  sidekiq (< 6)
  sidekiq-unique-jobs (~> 4.0.18)
  simple_form (= 3.1.0)
  simplecov
  sinatra (>= 1.3.0)
  spring
  spring-commands-rspec
  therubyracer (= 0.12.2)
  timecop
  turnip (~> 1.3, >= 1.3.1)
  twitter-bootstrap-rails (= 3.2.0)
  uglifier (>= 1.3.0)
  uri_validator
  validates_timeliness (= 3.0.14)
  vcr (~> 3.0)
  web-console (~> 2.0)
  webmock (~> 1.22, >= 1.22.3)
  whenever
  zenvia-ruby!

RUBY VERSION
   ruby 2.2.6p396

BUNDLED WITH
   1.16.2
